GIT
  remote: https://github.com/nanoc/guard-nanoc.git
  revision: 409e706d9f3bf90cdd6ae2f3fe6eee1c12689bfc
  specs:
    guard-nanoc (1.0.1)
      guard (>= 1.8.0)
      nanoc (>= 3.6.3)

GEM
  remote: https://rubygems.org/
  specs:
    adsf (1.1.1)
      rack (>= 1.0.0)
    builder (3.2.2)
    chunky_png (1.2.8)
    coderay (1.0.9)
    colored (1.2)
    compass (0.12.2)
      chunky_png (~> 1.2)
      fssm (>= 0.2.7)
      sass (~> 3.1)
    cri (2.4.0)
      colored (>= 1.2)
    excon (0.25.3)
    execjs (2.0.1)
    exifr (1.1.3)
    faker (1.2.0)
      i18n (~> 0.5)
    ffi (1.9.0)
    fog (1.15.0)
      builder
      excon (~> 0.25.0)
      formatador (~> 0.2.0)
      mime-types
      multi_json (~> 1.0)
      net-scp (~> 1.1)
      net-ssh (>= 2.1.3)
      nokogiri (~> 1.5)
      ruby-hmac
    formatador (0.2.4)
    fspath (2.0.5)
    fssm (0.2.10)
    guard (1.8.2)
      formatador (>= 0.2.4)
      listen (>= 1.0.0)
      lumberjack (>= 1.0.2)
      pry (>= 0.9.10)
      thor (>= 0.14.6)
    haml (4.0.3)
      tilt
    i18n (0.6.5)
    image_optim (0.9.1)
      exifr (~> 1.1.3)
      fspath (~> 2.0.5)
      image_size (~> 1.1.2)
      in_threads (~> 1.2.0)
      progress (~> 3.0.0)
    image_size (1.1.3)
    in_threads (1.2.0)
    listen (1.3.0)
      rb-fsevent (>= 0.9.3)
      rb-inotify (>= 0.9)
      rb-kqueue (>= 0.2)
    lumberjack (1.0.4)
    method_source (0.8.2)
    mime-types (1.25)
    mini_portile (0.5.1)
    multi_json (1.7.9)
    nanoc (3.6.4)
      cri (~> 2.3)
    nanoc-image-compressor (0.1.1)
      image_optim
      nanoc (>= 3.3.1)
    nanoc-javascript-concatenator (0.0.2)
      nanoc (>= 3.3.0)
    net-scp (1.1.2)
      net-ssh (>= 2.6.5)
    net-ssh (2.6.8)
    nokogiri (1.6.0)
      mini_portile (~> 0.5.0)
    posix-spawn (0.3.6)
    progress (3.0.0)
    pry (0.9.12.2)
      coderay (~> 1.0.5)
      method_source (~> 0.8)
      slop (~> 3.4)
    pygments.rb (0.5.2)
      posix-spawn (~> 0.3.6)
      yajl-ruby (~> 1.1.0)
    rack (1.5.2)
    rake (10.1.0)
    rb-fsevent (0.9.3)
    rb-inotify (0.9.1)
      ffi (>= 0.5.0)
    rb-kqueue (0.2.0)
      ffi (>= 0.5.0)
    redcarpet (3.0.0)
    ruby-hmac (0.4.0)
    sass (3.2.10)
    slop (3.4.6)
    stringex (2.0.11)
    terminal-notifier-guard (1.5.3)
    thor (0.18.1)
    tilt (1.4.1)
    uglifier (2.2.1)
      execjs (>= 0.3.0)
      multi_json (~> 1.0, >= 1.0.2)
    yajl-ruby (1.1.0)
    zurb-foundation (4.2.3)
      sass (>= 3.2.0)

PLATFORMS
  ruby

DEPENDENCIES
  adsf
  builder
  compass
  faker
  fog
  guard
  guard-nanoc!
  haml
  mime-types
  nanoc
  nanoc-image-compressor
  nanoc-javascript-concatenator
  pygments.rb
  rack
  rake
  rb-fsevent (~> 0.9)
  redcarpet
  sass
  stringex
  terminal-notifier-guard
  uglifier
  zurb-foundation (~> 4.2.1)
