GIT
  remote: https://github.com/nanoc/guard-nanoc.git
  revision: 59374681c40034399e6fd617df8b7b6a7c57f531
  specs:
    guard-nanoc (1.0.2)
      guard (>= 1.8.0)
      nanoc (>= 3.6.3)

GEM
  remote: https://rubygems.org/
  specs:
    adsf (1.2.0)
      rack (>= 1.0.0)
    builder (3.2.2)
    celluloid (0.15.2)
      timers (~> 1.1.0)
    celluloid-io (0.15.0)
      celluloid (>= 0.15.0)
      nio4r (>= 0.5.0)
    chunky_png (1.3.0)
    coderay (1.1.0)
    colored (1.2)
    compass (0.12.2)
      chunky_png (~> 1.2)
      fssm (>= 0.2.7)
      sass (~> 3.1)
    cri (2.5.0)
      colored (~> 1.2)
    excon (0.31.0)
    execjs (2.0.2)
    exifr (1.1.3)
    faker (1.2.0)
      i18n (~> 0.5)
    ffi (1.9.3)
    fog (1.20.0)
      builder
      excon (~> 0.31.0)
      formatador (~> 0.2.0)
      mime-types
      multi_json (~> 1.0)
      net-scp (~> 1.1)
      net-ssh (>= 2.1.3)
      nokogiri (>= 1.5.11)
    formatador (0.2.4)
    fspath (2.1.0)
    fssm (0.2.10)
    guard (2.5.1)
      formatador (>= 0.2.4)
      listen (~> 2.6)
      lumberjack (~> 1.0)
      pry (>= 0.9.12)
      thor (>= 0.18.1)
    haml (4.0.5)
      tilt
    i18n (0.6.9)
    image_optim (0.12.0)
      exifr (~> 1.1.3)
      fspath (~> 2.1.0)
      image_size (~> 1.2.0)
      in_threads (~> 1.2.0)
      progress (~> 3.0.0)
    image_size (1.2.0)
    in_threads (1.2.0)
    json (1.8.1)
    listen (2.6.2)
      celluloid (>= 0.15.2)
      celluloid-io (>= 0.15.0)
      rb-fsevent (>= 0.9.3)
      rb-inotify (>= 0.9)
    lumberjack (1.0.4)
    method_source (0.8.2)
    mime-types (2.1)
    mini_portile (0.5.2)
    multi_json (1.8.4)
    nanoc (3.6.7)
      cri (~> 2.3)
    nanoc-image-compressor (0.1.1)
      image_optim
      nanoc (>= 3.3.1)
    nanoc-javascript-concatenator (0.0.2)
      nanoc (>= 3.3.0)
    net-scp (1.1.2)
      net-ssh (>= 2.6.5)
    net-ssh (2.8.0)
    nio4r (1.0.0)
    nokogiri (1.6.1)
      mini_portile (~> 0.5.0)
    posix-spawn (0.3.8)
    progress (3.0.0)
    pry (0.9.12.6)
      coderay (~> 1.0)
      method_source (~> 0.8)
      slop (~> 3.4)
    pygments.rb (0.5.4)
      posix-spawn (~> 0.3.6)
      yajl-ruby (~> 1.1.0)
    rack (1.5.2)
    rake (10.1.1)
    rb-fsevent (0.9.4)
    rb-inotify (0.9.3)
      ffi (>= 0.5.0)
    redcarpet (3.1.1)
    sass (3.2.14)
    slop (3.4.7)
    stringex (2.2.1)
    terminal-notifier-guard (1.5.3)
    thor (0.18.1)
    tilt (2.0.0)
    timers (1.1.0)
    uglifier (2.4.0)
      execjs (>= 0.3.0)
      json (>= 1.8.0)
    yajl-ruby (1.1.0)
    zurb-foundation (4.2.3)
      sass (>= 3.2.0)

PLATFORMS
  ruby

DEPENDENCIES
  adsf
  builder
  compass
  faker
  fog
  guard
  guard-nanoc!
  haml
  mime-types
  nanoc
  nanoc-image-compressor
  nanoc-javascript-concatenator
  pygments.rb
  rack
  rake
  rb-fsevent (~> 0.9)
  redcarpet
  sass
  stringex
  terminal-notifier-guard
  uglifier
  zurb-foundation (~> 4.2.1)
